PATH
  remote: .
  specs:
    rpush (2.5.0)
      activesupport
      ansi
      multi_json (~> 1.0)
      net-http-persistent
      railties
      thor (>= 0.18.1, < 2.0)

GEM
  remote: https://rubygems.org/
  specs:
    actionmailer (4.2.3)
      actionpack (= 4.2.3)
      actionview (= 4.2.3)
      activejob (= 4.2.3)
      mail (~> 2.5, >= 2.5.4)
      rails-dom-testing (~> 1.0, >= 1.0.5)
    actionpack (4.2.3)
      actionview (= 4.2.3)
      activesupport (= 4.2.3)
      rack (~> 1.6)
      rack-test (~> 0.6.2)
      rails-dom-testing (~> 1.0, >= 1.0.5)
      rails-html-sanitizer (~> 1.0, >= 1.0.2)
    actionview (4.2.3)
      activesupport (= 4.2.3)
      builder (~> 3.1)
      erubis (~> 2.7.0)
      rails-dom-testing (~> 1.0, >= 1.0.5)
      rails-html-sanitizer (~> 1.0, >= 1.0.2)
    activejob (4.2.3)
      activesupport (= 4.2.3)
      globalid (>= 0.3.0)
    activemodel (4.2.3)
      activesupport (= 4.2.3)
      builder (~> 3.1)
    activerecord (4.2.3)
      activemodel (= 4.2.3)
      activesupport (= 4.2.3)
      arel (~> 6.0)
    activerecord-jdbc-adapter (1.3.17)
      activerecord (>= 2.2)
    activerecord-jdbch2-adapter (1.3.17)
      activerecord-jdbc-adapter (~> 1.3.17)
      jdbc-h2 (~> 1.3)
    activerecord-jdbcmysql-adapter (1.3.17)
      activerecord-jdbc-adapter (~> 1.3.17)
      jdbc-mysql (>= 5.1.22)
    activerecord-jdbcpostgresql-adapter (1.3.17)
      activerecord-jdbc-adapter (~> 1.3.17)
      jdbc-postgres (>= 9.1)
    activerecord-jdbcsqlite3-adapter (1.3.17)
      activerecord-jdbc-adapter (~> 1.3.17)
      jdbc-sqlite3 (>= 3.7.2, < 3.9)
    activesupport (4.2.3)
      i18n (~> 0.7)
      json (~> 1.7, >= 1.7.7)
      minitest (~> 5.1)
      thread_safe (~> 0.3, >= 0.3.4)
      tzinfo (~> 1.1)
    ansi (1.5.0)
    arel (6.0.2)
    ast (2.0.0)
    astrolabe (1.3.1)
      parser (~> 2.2)
    bson (3.1.2)
    bson (3.1.2-java)
    builder (3.2.2)
    byebug (5.0.0)
      columnize (= 0.9.0)
    cane (2.6.2)
      parallel
    codeclimate-test-reporter (0.4.7)
      simplecov (>= 0.7.1, < 1.0.0)
    columnize (0.9.0)
    connection_pool (2.2.0)
    database_cleaner (1.4.1)
    diff-lcs (1.2.5)
    docile (1.1.5)
    erubis (2.7.0)
    globalid (0.3.5)
      activesupport (>= 4.1.0)
    hiredis (0.6.0)
    hiredis (0.6.0-java)
    i18n (0.7.0)
    jdbc-h2 (1.4.187)
    jdbc-mysql (5.1.36)
    jdbc-postgres (9.4.1200)
    jdbc-sqlite3 (3.8.10.1)
    jruby-openssl (0.9.7-java)
    json (1.8.3)
    json (1.8.3-java)
    loofah (2.0.2)
      nokogiri (>= 1.5.9)
    mail (2.6.3)
      mime-types (>= 1.16, < 3)
    mime-types (2.6.1)
    mini_portile (0.6.2)
    minitest (5.7.0)
    modis (1.4.1)
      activemodel (>= 3.0)
      activesupport (>= 3.0)
      connection_pool (>= 2)
      hiredis (>= 0.5)
      msgpack (>= 0.5)
      redis (>= 3.0)
    modis (1.4.1-java)
      activemodel (>= 3.0)
      activesupport (>= 3.0)
      connection_pool (>= 2)
      hiredis (>= 0.5)
      msgpack-jruby
      redis (>= 3.0)
    mongoid (4.0.2)
      activemodel (~> 4.0)
      moped (~> 2.0.0)
      origin (~> 2.1)
      tzinfo (>= 0.3.37)
    mongoid-autoinc (4.0.0)
      mongoid (~> 4.0)
    moped (2.0.6)
      bson (~> 3.0)
      connection_pool (~> 2.0)
      optionable (~> 0.2.0)
    msgpack (0.6.1)
    msgpack-jruby (1.4.1-java)
    multi_json (1.11.2)
    mysql2 (0.3.18)
    net-http-persistent (2.9.4)
    nokogiri (1.6.6.2)
      mini_portile (~> 0.6.0)
    nokogiri (1.6.6.2-java)
    optionable (0.2.0)
    origin (2.1.1)
    parallel (1.6.0)
    parser (2.2.2.6)
      ast (>= 1.1, < 3.0)
    pg (0.18.2)
    powerpack (0.1.1)
    rack (1.6.4)
    rack-test (0.6.3)
      rack (>= 1.0)
    rails (4.2.3)
      actionmailer (= 4.2.3)
      actionpack (= 4.2.3)
      actionview (= 4.2.3)
      activejob (= 4.2.3)
      activemodel (= 4.2.3)
      activerecord (= 4.2.3)
      activesupport (= 4.2.3)
      bundler (>= 1.3.0, < 2.0)
      railties (= 4.2.3)
      sprockets-rails
    rails-deprecated_sanitizer (1.0.3)
      activesupport (>= 4.2.0.alpha)
    rails-dom-testing (1.0.6)
      activesupport (>= 4.2.0.beta, < 5.0)
      nokogiri (~> 1.6.0)
      rails-deprecated_sanitizer (>= 1.0.1)
    rails-html-sanitizer (1.0.2)
      loofah (~> 2.0)
    railties (4.2.3)
      actionpack (= 4.2.3)
      activesupport (= 4.2.3)
      rake (>= 0.8.7)
      thor (>= 0.18.1, < 2.0)
    rainbow (2.0.0)
    rake (10.4.2)
    redis (3.2.1)
    rpush-mongoid (0.1.0)
      mongoid (~> 4.0.0)
      mongoid-autoinc (~> 4.0.0)
    rpush-redis (0.4.1)
      modis (~> 1.4, >= 1.4.1)
    rspec (3.3.0)
      rspec-core (~> 3.3.0)
      rspec-expectations (~> 3.3.0)
      rspec-mocks (~> 3.3.0)
    rspec-core (3.3.2)
      rspec-support (~> 3.3.0)
    rspec-expectations (3.3.1)
      diff-lcs (>= 1.2.0, < 2.0)
      rspec-support (~> 3.3.0)
    rspec-mocks (3.3.2)
      diff-lcs (>= 1.2.0, < 2.0)
      rspec-support (~> 3.3.0)
    rspec-support (3.3.0)
    rubocop (0.32.1)
      astrolabe (~> 1.3)
      parser (>= 2.2.2.5, < 3.0)
      powerpack (~> 0.1)
      rainbow (>= 1.99.1, < 3.0)
      ruby-progressbar (~> 1.4)
    ruby-progressbar (1.7.5)
    simplecov (0.10.0)
      docile (~> 1.1.0)
      json (~> 1.8)
      simplecov-html (~> 0.10.0)
    simplecov-html (0.10.0)
    sprockets (3.2.0)
      rack (~> 1.0)
    sprockets-rails (2.3.2)
      actionpack (>= 3.0)
      activesupport (>= 3.0)
      sprockets (>= 2.8, < 4.0)
    sqlite3 (1.3.10)
    stackprof (0.2.7)
    thor (0.19.1)
    thread_safe (0.3.5)
    thread_safe (0.3.5-java)
    timecop (0.7.4)
    tzinfo (1.2.2)
      thread_safe (~> 0.1)

PLATFORMS
  java
  ruby

DEPENDENCIES
  activerecord-jdbc-adapter (>= 1.2.6)
  activerecord-jdbch2-adapter
  activerecord-jdbcmysql-adapter
  activerecord-jdbcpostgresql-adapter
  activerecord-jdbcsqlite3-adapter
  byebug
  cane
  codeclimate-test-reporter
  database_cleaner
  jdbc-postgres
  jruby-openssl
  mysql2
  pg
  rails (~> 4.2)
  rake
  rpush!
  rpush-mongoid (= 0.1.0)
  rpush-redis (= 0.4.1)
  rspec
  rubocop
  simplecov
  sqlite3
  stackprof
  timecop

BUNDLED WITH
   1.10.3
