PATH
  remote: .
  specs:
    rpush (5.2.0)
      activesupport (>= 5.0)
      jwt (>= 1.5.6)
      multi_json (~> 1.0)
      net-http-persistent
      net-http2 (~> 0.18, >= 0.18.3)
      railties
      rainbow
      thor (>= 0.18.1, < 2.0)
      webpush (~> 1.0)

GEM
  remote: https://rubygems.org/
  specs:
    actionpack (5.2.4.4)
      actionview (= 5.2.4.4)
      activesupport (= 5.2.4.4)
      rack (~> 2.0, >= 2.0.8)
      rack-test (>= 0.6.3)
      rails-dom-testing (~> 2.0)
      rails-html-sanitizer (~> 1.0, >= 1.0.2)
    actionview (5.2.4.4)
      activesupport (= 5.2.4.4)
      builder (~> 3.1)
      erubi (~> 1.4)
      rails-dom-testing (~> 2.0)
      rails-html-sanitizer (~> 1.0, >= 1.0.3)
    activemodel (5.2.4.4)
      activesupport (= 5.2.4.4)
    activesupport (5.2.4.4)
      concurrent-ruby (~> 1.0, >= 1.0.2)
      i18n (>= 0.7, < 2)
      minitest (~> 5.1)
      tzinfo (~> 1.1)
    appraisal (2.2.0)
      bundler
      rake
      thor (>= 0.14.0)
    ast (2.4.0)
    builder (3.2.4)
    byebug (11.0.1)
    codeclimate-test-reporter (1.0.7)
      simplecov
    concurrent-ruby (1.1.7)
    connection_pool (2.2.2)
    crass (1.0.6)
    database_cleaner (1.7.0)
    diff-lcs (1.3)
    docile (1.3.1)
    erubi (1.9.0)
    hiredis (0.6.3)
    hkdf (0.3.0)
    http-2 (0.10.2)
    i18n (1.8.5)
      concurrent-ruby (~> 1.0)
    jaro_winkler (1.5.4)
    json (2.3.1)
    jwt (2.2.2)
    loofah (2.7.0)
      crass (~> 1.0.2)
      nokogiri (>= 1.5.9)
    method_source (1.0.0)
    mini_portile2 (2.4.0)
    minitest (5.14.2)
    modis (3.2.0)
      activemodel (>= 4.2)
      activesupport (>= 4.2)
      connection_pool (>= 2)
      hiredis (>= 0.5)
      msgpack (>= 0.5)
      redis (>= 3.0)
    msgpack (1.3.1)
    multi_json (1.15.0)
    mysql2 (0.5.2)
    net-http-persistent (4.0.0)
      connection_pool (~> 2.2)
    net-http2 (0.18.3)
      http-2 (~> 0.10.1)
    nokogiri (1.10.10)
      mini_portile2 (~> 2.4.0)
    parallel (1.19.1)
    parser (2.7.0.2)
      ast (~> 2.4.0)
    pg (1.1.4)
    rack (2.2.3)
    rack-test (1.1.0)
      rack (>= 1.0, < 3)
    rails-dom-testing (2.0.3)
      activesupport (>= 4.2.0)
      nokogiri (>= 1.6)
    rails-html-sanitizer (1.3.0)
      loofah (~> 2.3)
    railties (5.2.4.4)
      actionpack (= 5.2.4.4)
      activesupport (= 5.2.4.4)
      method_source
      rake (>= 0.8.7)
      thor (>= 0.19.0, < 2.0)
    rainbow (3.0.0)
    rake (13.0.1)
    redis (4.1.3)
    rexml (3.2.4)
    rpush-redis (1.1.0)
      modis (~> 3.0)
    rspec (3.4.0)
      rspec-core (~> 3.4.0)
      rspec-expectations (~> 3.4.0)
      rspec-mocks (~> 3.4.0)
    rspec-core (3.4.4)
      rspec-support (~> 3.4.0)
    rspec-expectations (3.4.0)
      diff-lcs (>= 1.2.0, < 2.0)
      rspec-support (~> 3.4.0)
    rspec-mocks (3.4.1)
      diff-lcs (>= 1.2.0, < 2.0)
      rspec-support (~> 3.4.0)
    rspec-support (3.4.1)
    rubocop (0.80.0)
      jaro_winkler (~> 1.5.1)
      parallel (~> 1.10)
      parser (>= 2.7.0.1)
      rainbow (>= 2.2.2, < 4.0)
      rexml
      ruby-progressbar (~> 1.7)
      unicode-display_width (>= 1.4.0, < 1.7)
    rubocop-performance (1.5.2)
      rubocop (>= 0.71.0)
    ruby-progressbar (1.10.1)
    simplecov (0.16.1)
      docile (~> 1.1)
      json (>= 1.8, < 3)
      simplecov-html (~> 0.10.0)
    simplecov-html (0.10.2)
    sqlite3 (1.4.0)
    stackprof (0.2.12)
    thor (1.0.1)
    thread_safe (0.3.6)
    timecop (0.9.1)
    tzinfo (1.2.7)
      thread_safe (~> 0.1)
    unicode-display_width (1.6.1)
    webpush (1.0.0)
      hkdf (~> 0.2)
      jwt (~> 2.0)

PLATFORMS
  ruby

DEPENDENCIES
  appraisal
  byebug
  codeclimate-test-reporter
  database_cleaner
  modis (>= 2.0)
  mysql2
  pg
  rake
  rpush!
  rpush-redis (~> 1.0)
  rspec (~> 3.4.0)
  rubocop
  rubocop-performance
  simplecov
  sqlite3
  stackprof
  timecop

BUNDLED WITH
   2.1.4
